GEM
  remote: https://rubygems.org/
  specs:
    chipmunk (5.3.4.5)
    gosu (0.7.48)

PLATFORMS
  ruby

DEPENDENCIES
  chipmunk (~> 5.3.4.5)
  gosu (~> 0.7.45)
